dss_sc 1 1 9.99999984307e+17 -9.99999984307e+17 0 4 1 0 1 64
1 0 
0 
compshape 2 2 8 0 0 2 1 0 1 64
1 "hard"
0 
acqdim 7 1 32767 0 0 2 1 0 1 64
1 2 
0 
CSwp 7 1 32767 0 0 3 1 0 1 64
1 0 
0 
CSprofile 2 2 8 0 0 2 1 256 1 64
3 ""
""
""
0 
CSdnoise 4 2 4 0 0 3 1 0 1 64
1 "y"
0 
CS_cln 4 2 4 0 0 3 1 0 1 64
1 "y"
0 
ACQtime 7 1 100000000 0 1 2 1 256 1 64
1 2768.463744 
0 
Archive1 2 2 8 0 0 2 1 0 1 64
1 ""
0 
Archive2 2 2 8 0 0 2 1 0 1 64
1 ""
0 
CS_inf 4 2 4 0 0 3 1 0 1 64
1 "y"
0 
CS_dpars 4 2 4 0 0 3 1 0 1 64
1 "y"
0 
CSdensity 1 1 100 5 0 2 1 0 1 64
1 100 
0 
CS_se 4 2 4 0 0 3 1 0 1 64
1 "n"
0 
CSlines 7 1 32767 0 0 2 1 0 1 64
1 4 
0 
CSinp 2 2 8 0 0 2 1 0 1 64
1 ""
0 
CSdomain 7 1 32767 0 0 2 1 0 1 64
1 1 
0 
CSniIndex 7 1 32767 0 0 2 1 256 1 64
1 0 
0 
CSni2Index 7 1 32767 0 0 2 1 256 1 64
1 0 
0 
CSpars 2 2 8 0 0 2 1 256 1 64
1 ""
0 
CSsp 7 1 32767 0 0 3 1 0 1 64
1 0 
0 
CSseed 1 1 9.99999984307e+17 -9.99999984307e+17 0 2 1 0 1 64
1 169 
0 
CSreconmethod 2 2 8 0 0 3 1 0 1 64
1 "CLEAN"
0 
CSprosize 7 1 32767 0 0 2 1 256 1 64
3 0 0 0 
0 
CSshowpro 4 2 4 0 0 2 1 0 1 64
1 "y"
0 
CSshape 2 2 8 0 0 2 1 0 1 64
1 "gexp"
0 
CSshowsch 4 2 4 0 0 2 1 0 1 64
1 "y"
0 
CStype 4 2 4 0 0 2 1 0 1 64
1 "a"
0 
CSthr 1 1 100 1 0.1 3 1 0 1 64
1 2 
0 
PFGflg 4 2 4 0 0 2 1 0 1 64
1 "y"
0 
Gzqfilt 4 2 4 0 0 2 1 0 1 64
1 "y"
0 
EDratio 1 1 9.99999984307e+17 -9.99999984307e+17 0 2 1 0 1 64
1 3.9714 
0 
CSwt 4 2 4 0 0 2 1 0 1 64
1 "n"
0 
Gmap 2 2 8 0 0 2 1 1 1 64
1 "lk"
0 
Gmapname 2 2 8 0 0 2 1 1 1 64
1 ""
0 
IPrunid 2 2 8 0 0 2 1 0 1 64
1 ""
0 
IPpart 2 2 8 0 0 2 1 0 1 64
1 ""
0 
H1reffrq 1 1 9.99999984307e+17 -9.99999984307e+17 0 2 1 0 1 64
1 399.925226992 
0 
IPspec 2 2 8 0 0 4 1 0 1 64
1 ""
0 
IPsample 2 2 8 0 0 2 1 0 1 64
1 ""
0 
MinSW 2 2 8 0 0 3 1 0 1 64
1 "skip"
4 "off" "auto" "manual" "skip" 
Qmult 1 1 9.99999984307e+17 -9.99999984307e+17 0 2 1 0 1 64
1 1 
0 
Qins 1 1 9.99999984307e+17 -9.99999984307e+17 0 2 1 0 1 64
1 283.11 
0 
Qgain 1 1 9.99999984307e+17 -9.99999984307e+17 0 2 1 0 1 64
1 30 
0 
Qinsref 1 1 9.99999984307e+17 -9.99999984307e+17 0 2 1 0 1 64
1 0.00036259 
0 
accord 4 2 4 0 0 2 1 0 1 64
1 "y"
0 
REQexp 2 2 8 0 0 4 1 256 1 64
1 "wet1D PRESAT PROTON"
0 
acqcycles 1 1 9.99999984307e+17 -9.99999984307e+17 0 2 1 0 1 64
1 256 
0 
at 1 1 14 14 14 2 1 8203 1 64
1 0.1500096 
0 
archivedir 2 2 8 0 0 2 1 0 1 64
1 "/home/vnmr1/vnmrsys/data/Debug_STD"
0 
alfa 6 1 8190 0 0.4 2 1 2 1 64
1 8 
0 
actionid 2 2 8 0 0 4 1 0 1 64
1 "null"
0 
acqstatus 7 1 32767 0 0 2 1 256 1 64
2 11 0 
0 
acqpath 2 2 8 0 0 2 1 0 1 64
1 ""
0 
adirtmplt 2 2 8 0 0 2 1 0 1 64
1 "$userdir$/data/Debug_STD"
0 
adir2tmplt 2 2 8 0 0 2 1 0 1 64
1 ""
0 
aig 2 2 2 0 0 4 1 1 1 64
1 "ai"
2 "nm" "ai" 
ap 2 2 1023 0 0 4 1 6 1 64
1 "1:SAMPLE:date,solvent,sample;1:ACQUISITION:sw:1,at:3,np:0,fb:0,ss(ss):0,d1:3,nt:0;1:2D ACQUISITION:sw1:1,ni,d2(d2):6,phase;1:PRESATURATION:satmode,wet;1:TRANSMITTER:tn,sfrq:3,tof:1,tpwr:0,pw:3;1:DECOUPLER:dn,dof:1,dm,decwave,dmf,dpwr,pwxlvl,pwx:3;1:HMBC:j1xh:1,jnxh:1;1:ADIABATCIC:pwx180ad,pwxlvl180,pwx180:1;2:FLAGS:hs,sspul,PFGflg,hsglvl;2:SPECIAL:temp:1,gain:0,spin:0;2:GRADIENTS:gzlvl1,gt1:6,gzlvl3,gt3:6,gstab:6;2:F2 PROCESSING:lb(lb):2,sb(sb):3,sbs(sb):3,gf(gf):3,gfs(gf):3,awc(awc):3,lsfid(lsfid):0,phfid(phfid):1,proc(proc<>'ft'),fn;2:F1 PROCESSING:lb1(lb1):2,sb1(sb1):3,sbs1(sb1):3,gf1(gf1):3,gfs1(gf1):3,awc1(awc1):3,proc1(proc1<>'ft'),fn1:0;2:DISPLAY:sp:1,wp:1,sp1:1,wp1:1,rfl:1,rfp:1,rfl1:1,rfp1:1;2:PLOT:wc:1,sc:1,wc2:1,sc2:1,vs:0,th:0,aig*,dcg*,dmg*;"
0 
alock 2 2 8 0 0 2 1 0 1 64
1 "n"
5 "a" "n" "s" "u" "y" 
apptype 2 2 8 0 0 2 1 1 1 64
1 "hetero2D"
0 
arraydscale 4 2 4 0 0 4 1 0 1 64
1 "n"
0 
arraydim 7 1 32768 1 1 2 1 5 1 64
1 256 
0 
arraydelta 7 1 32767 0 0 4 1 0 1 64
1 1 
0 
array 2 2 256 0 0 2 1 1 1 64
1 "phase"
0 
arraydodc 4 2 4 0 0 4 1 0 1 64
1 "n"
0 
arraymax 7 1 32767 0 0 4 1 0 1 64
1 1 
0 
arrayflip 4 2 4 0 0 4 1 0 1 64
1 "n"
0 
arrayelemts 1 1 9.99999984307e+17 -9.99999984307e+17 0 2 1 0 1 64
1 2 
0 
arraystop 7 1 32767 0 0 4 1 0 1 64
1 4 
0 
arraystart 7 1 32767 0 0 4 1 0 1 64
1 1 
0 
arraywhitewash 4 2 4 0 0 4 1 0 1 64
1 "n"
0 
bs 7 1 32767 0 1 2 1 0 1 64
1 32 
0 
axis 4 2 4 0 0 4 1 0 1 64
1 "pd"
11 "c" "d" "1" "2" "3" "h" "k" "m" "n" "p" "u" 
awc 1 1 1 -1 0.001 3 1 1 0 64
1 0 
0 
avwdir 2 2 8 0 0 3 1 0 1 64
1 ""
0 
awc1 1 1 1 -1 0.001 3 1 1 0 64
1 0 
0 
bipflg 2 2 8 0 0 2 1 8 1 64
1 "ny"
0 
axisf 4 2 4 0 0 4 1 0 1 64
1 "s"
4 "m" "n" "s" "u" 
cf 7 1 32767 0 1 3 1 1 0 64
1 1 
0 
celem 1 1 9.99999984307e+17 -9.99999984307e+17 0 2 1 0 1 64
1 152 
0 
c13wet 4 2 4 0 0 2 1 0 1 64
1 "n"
0 
comment 2 2 8 0 0 3 1 0 1 64
1 ""
0 
composit 4 2 4 0 0 2 1 0 1 64
1 "n"
0 
dmm 4 2 4 0 0 2 1 0 1 64
1 "ccp"
9 "c" "f" "g" "m" "p" "r" "u" "w" "x" 
decwave 2 2 8 0 0 2 1 0 1 64
1 "W40_OneNMR_rc"
0 
datname 2 2 8 0 0 3 1 0 1 64
1 ""
0 
crf 1 1 9.99999984307e+17 -9.99999984307e+17 0 4 1 0 1 64
1 0 
0 
cp 2 2 1 0 0 2 1 0 1 64
1 "y"
2 "y" "n" 
concentration 1 1 9.99e+17 -9.99e+17 0 2 1 0 1 64
1 0 
0 
console 2 2 8 0 0 2 1 0 1 64
1 "vnmrs"
0 
cr 1 1 1000000000 -1000000000 0 4 1 1 1 64
1 1767.80258887 
0 
cppauseflg 4 2 4 0 0 4 1 0 1 64
1 "n"
0 
cr1 1 1 1000000000 -1000000000 0 4 1 3 1 64
1 751.284970266 
0 
d1 3 1 14 14 14 2 1 8194 1 64
1 1 
0 
customflag 4 2 4 0 0 4 1 0 1 64
1 "n"
0 
ct 7 1 1000000000 0 1 2 1 6 1 64
1 8 
0 
cutoff 1 1 9.99999984307e+17 -9.99999984307e+17 0 4 1 0 0 64
1 200 
0 
dataid 2 2 8 0 0 3 1 0 1 64
1 ""
0 
d2 3 1 14 14 14 2 1 8194 1 64
1 0 
0 
date 2 2 9 0 0 2 1 1 1 64
1 "Jul 28 2014"
0 
ddrpm 2 2 8 0 0 2 1 0 1 64
1 "e"
0 
dcg 2 2 3 0 0 4 1 1 1 64
1 "cdc"
2 "dc" "cdc" 
dbwwet 1 1 9.99999984307e+17 -9.99999984307e+17 0 2 1 0 1 64
1 5000 
0 
dcrmv 4 2 9.99999984307e+17 -9.99999984307e+17 0 4 1 0 1 64
1 "n"
2 "y" "n" 
dec2wave 2 2 8 0 0 2 1 0 1 64
1 "g"
0 
ddrtc 6 1 1000 0 0.4 2 1 0 1 64
1 8 
0 
dec3wave 2 2 8 0 0 2 1 0 1 64
1 "g"
0 
dgs 2 2 1023 0 0 4 1 6 1 64
5 "1:AXIAL SHIMS:z1:0,z2:0,z3:0,z4:0,z5:0,z6:0;"
"2:NON AXIAL SHIMS:x1:0,y1:0,xz:0,yz:0,xy:0,x2y2:0,x3:0,y3:0,xz2:0,yz2:0,zxy:0,zx2y2:0,z3x:0,z3y:0;"
"3:NON AXIAL SHIMS:z2x2y2:0,z2xy:0,zx3:0,zy3:0,z4x:0,z4y:0;"
"4:AUTOMATION:method,wshim,load,,spin:0,gain:0,alock,loc:0;"
"4:SPECIAL:temp;"
0 
dg1 2 2 1023 0 0 4 1 6 1 64
1 "1:DISPLAY:sp:1,wp:1,vs:0;1:REFERENCE:rfl:1,rfp:1,cr:1,delta:1;1:PHASE:lp:1,rp:1,rp1(ni):1,lp1(ni):1;2:CHART:sc:0,wc:0,hzmm:2,vp:0,axis,pltmod,,th:0,,ho:2,vo:2,,trace:2;3(ni):2D:sp1:1,wp1:1,sc2:0,wc2:0,rfl1:1,rfp1:1;3:FLAGS:aig*,dcg*,dmg*;3:FID:sf:3,wf:3,vf:0;4:INTEGRAL:intmod,is:2,ins:3,io:0,,lvl:3,tlt:3;"
0 
deltaf 1 1 100 0 0 4 1 0 1 64
1 0 
0 
delta 1 1 5000000 0 0 4 1 1 1 64
1 300 
0 
decwavewet 2 2 8 0 0 2 1 0 1 64
1 "w"
0 
delta1 1 1 5000000 0 0 4 1 3 1 64
1 0 
0 
dfrq 5 1 1000000000 -1000000000 0 2 1 8 1 64
1 100.57234 
0 
density 1 1 9.99999984307e+17 -9.99999984307e+17 0 2 1 0 1 64
1 1 
0 
dg 2 2 1023 0 0 4 1 6 1 64
1 "1:ACQUISITION:sw:1,at:3,np:0,bs(bs):0,ss(ss):0,d1:3,d2(d2):3,nt:0,ct:0;1:2D ACQUISITION:sw1:1,ni,phase(phase);1:PRESATURATION:satmode,wet;1:Details in dgss:;2:TRANSMITTER:tn,sfrq:3,tof:1,tpwr:0,pw:3;2:DECOUPLER:dn,dof:1,pwxlvl:0,pwx:3,dm,decwave,dmf:0,dpwr:0;3:HMBC:j1min:1,j1max:1,jnxh:1;3:GRADIENTS:gzlvlE,gtE:6,EDratio:3,gstab:6,hsglvl,hsgt:6;3:SPECIAL:temp:1,spin,gain,pw90:3,sspul;4:ADIABATIC:pwx180ad,pwxlvl180,pwx180:1;4:PROCESSING:cf(nf):0,lb(lb):2,sb(sb):3,sbs(sb):3,gf(gf):3,gfs(gf):3,awc(awc):3,proc(proc<>'ft'),fn:0,math(math<>'f');4:2D PROCESSING:lb1(lb1):2,sb1(sb1):3,sbs1(sb1):3,gf1(gf1):3,gfs1(gf1):3,awc1(awc1):3,proc1(proc1<>'ft'),fn1:0;4:SAMPLE:date,solvent,sample;"
0 
dgimp 2 2 8 0 0 4 1 0 1 64
1 "1:IMPRESS:impress,imphase,fadflg;1:Shapes:impshp1,impshp2,impshp3(impress>2),impshp4(impress>2);2:PulseWidths:imppw1:1,imppw2:1,imppw3(impress>2):1,imppw4(impress>2):1;2:Powers:imppwr1,imppwr2,imppwr3(impress>2),imppwr4(impress>2);"
0 
dg2 2 2 8 0 0 4 1 4 1 64
6 "1:1st DECOUPLING:dfrq:3,dn,dpwr:0,dof:1,dm,dmm,dmf:0,dseq,dres:1,homo;"
"2(numrfch>2):2nd DECOUPLING:dfrq2:3,dn2,dpwr2:0,dof2:1,dm2,dmm2,dmf2:0,dseq2,dres2:1,homo2;"
"2(numrfch>3):3rd DECOUPLING:dfrq3:3,dn3,dpwr3:0,dof3:1,dseq3,dres3:1,homo3;"
"3(ni2):3D ACQUISITION:d3:3,sw2:1,ni2:0,phase2:0;"
"3(ni2):3D DISPLAY:rp2:1,lp2:1;"
"4(ni2):3D PROCESSING:lb2:3,sb2:3,sbs2(sb2):3,gf2:3,gfs2(gf2):3,awc2:3,wtfile2,proc2,fn2:0;"
0 
dglp 2 2 8 0 0 4 1 7 1 64
1 "1(lpfilt):LP:lpalg,lpopt,lpfilt:0,lpnupts:0,strtlp:0,lpext:0,strtext:0;2(lpfilt1):LP 1:lpalg1,lpopt1,lpfilt1:0,lpnupts1:0,strtlp1:0,lpext1:0,strtext1:0;3(lpfilt2):LP 2:lpalg2,lpopt2,lpfilt2:0,lpnupts2:0,strtlp2:0,lpext2:0,strtext2:0;4:LP OUTPUT:lpprint(lpfilt):0,lptrace(lpfilt):0,lpprint1(lpfilt1):0,lptrace1(lpfilt1):0,lpprint2(lpfilt2):0,lptrace2(lpfilt2):0;"
0 
displaymode 4 2 9.99999984307e+17 -9.99999984307e+17 0 4 1 0 1 64
1 "r"
0 
disCmd 2 2 8 0 0 4 1 0 1 64
1 ""
0 
dgssm 2 2 8 0 0 4 1 6 1 64
1 "1:WET:wet,gzlvlw,gtw:6,gswet:6,dz:6;1:C13 WET:c13wet,dofwet:1,dpwrwet,dmfwet;2:WETshapes:wetshape1,wetshape2,wetshape3,wetshape4;3:WETpowers:wetpwr1,wetpwr2,wetpwr3,wetpwr4;3:WETpulses:pwwet1:3,pwwet2:3,pwwet3:3,pwwet4:3;4:PRESAT:satmode,satpwr,satdly:3,satfrq:1;"
0 
dgss 2 2 8 0 0 4 1 6 1 64
1 "1:WET:wet,wetshape,wetpwr,pwwet:3,composit,compshape,gzlvlw,gtw:6,gswet:6,dz:6;2:C13 WET:c13wet,dofwet:1,dpwrwet,dmfwet,decwavewet;4:PRESAT:satmode,satpwr,satdly:3,satfrq:1;"
0 
dhp 1 1 9 9 9 2 1 8192 0 64
1 40 
0 
displaymanual 2 2 8 0 0 2 1 0 1 64
1 ""
0 
dmf 7 1 11 11 11 2 1 8194 1 64
1 29412 
0 
dlp 7 1 10 10 10 2 1 8194 0 64
1 10 
0 
dm 4 2 4 0 0 2 1 0 1 64
1 "nnn"
4 "a" "n" "s" "y" 
dmg 2 2 2 0 0 4 1 3 1 64
1 "ph"
0 
dmfwet 7 1 32767 0 0 2 1 0 1 64
1 5517 
0 
dmg1 2 2 8 0 0 4 1 0 1 64
1 "ph1"
4 "" "av1" "ph1" "pwr1" 
dof 5 1 8 8 8 2 1 8202 1 64
1 1531.25269434 
0 
dn4ref 2 2 8 0 0 4 1 1 1 64
1 ""
0 
dn2shapes 2 2 8 0 0 2 1 256 1 64
3 ""
""
""
0 
dn 2 2 4 0 0 2 1 8 1 64
1 "C13"
0 
dmmwet 2 2 8 0 0 2 1 0 1 64
1 "w"
0 
dn2ref 2 2 8 0 0 4 1 1 1 64
1 ""
0 
dn3shapes 2 2 8 0 0 2 1 256 1 64
3 ""
""
""
0 
dn3ref 2 2 8 0 0 4 1 1 1 64
1 ""
0 
dnref 2 2 8 0 0 4 1 1 1 64
1 "Me4Si, 1% in CDCl3"
0 
dnbippwr 1 1 9 9 9 2 1 8192 1 64
1 51 
0 
dnbippw 6 1 1000000 0 0.025 2 1 0 1 64
1 125 
0 
dnbipshp 2 2 8 0 0 2 1 0 1 64
1 "bip125us"
0 
dod 3 1 14 14 14 2 1 8194 1 64
1 0.00999999977648 
0 
dnshapes 2 2 8 0 0 2 1 256 1 64
3 ""
""
""
0 
dpwr 1 1 9 9 9 2 1 8194 1 64
1 34 
0 
dotflag 2 2 8 0 0 4 1 0 1 64
1 "n"
2 "n" "y" 
dopwCal 2 2 8 0 0 2 1 256 1 64
3 "n"
"4.0"
"1.0"
0 
dofwet 5 1 1000000000 -1000000000 0 2 1 0 1 64
1 0 
0 
doscout 7 1 10 -10 1 2 1 0 1 64
1 0 
0 
dpatwet 2 2 8 0 0 2 1 0 1 64
1 "waltz16"
0 
dp 2 2 1 0 0 2 1 0 1 64
1 "y"
2 "y" "n" 
dpf_wc2 1 1 9.99999984307e+17 -9.99999984307e+17 0 4 1 0 1 64
1 300 
0 
dreswet 1 1 9.99999984307e+17 -9.99999984307e+17 0 2 1 0 1 64
1 90 
0 
dreffrq 1 1 9.99999984307e+17 -9.99999984307e+17 0 2 1 0 1 64
1 100.561278312 
0 
dpwrwet 1 1 9.99999984307e+17 -9.99999984307e+17 0 2 1 0 1 64
1 39 
0 
dres 7 1 360 1 0 2 1 0 1 64
1 9 
0 
dseq 2 2 8 0 0 2 1 0 1 64
1 "W40_OneNMR"
0 
dsSelect 7 1 32767 0 0 4 1 0 1 64
4 1 2 3 4 
0 
dseqwet 2 2 8 0 0 2 1 0 1 64
1 "waltz16"
0 
plt2Darg 2 2 8 0 0 4 1 272 1 64
8 "both"
"20"
"1.3"
"f2"
"f1"
""
""
""
0 
lb 1 1 100000 -100000 0 3 1 1 0 64
1 1.5 
0 
hdof 5 1 7 7 7 2 1 8194 1 64
1 0 
0 
go_Options 2 2 8 0 0 2 1 7 1 64
2 "au"
"wait"
0 
filtfile 2 2 8 0 0 2 1 0 1 64
1 ""
0 
f1SW 2 2 8 0 0 2 1 1 1 64
1 "setsw1(dn,190,-10)"
0 
emailaddr 2 2 8 0 0 4 1 0 1 64
1 ""
0 
dutyc 1 1 9.99999984307e+17 -9.99999984307e+17 0 2 1 0 1 64
1 0.1 
0 
dss_wc 1 1 9.99999984307e+17 -9.99999984307e+17 0 4 1 0 1 64
1 239.095315024 
0 
dss_sc2 1 1 9.99999984307e+17 -9.99999984307e+17 0 4 1 0 1 64
1 0 
0 
dss_wc2 1 1 9.99999984307e+17 -9.99999984307e+17 0 4 1 0 1 64
1 141.0626703 
0 
eOptions 2 2 8 0 0 4 1 264 1 64
1 "saveplot"
0 
dz 3 1 14 14 14 2 1 8192 1 64
1 1e-05 
0 
explabel 2 2 8 0 0 2 1 0 1 64
1 "PIP_HSQMBC"
0 
emessage 4 2 4 0 0 2 1 0 1 64
1 "n"
0 
emailwhen 2 2 8 0 0 2 1 0 1 64
1 ""
0 
exppath 2 2 8 0 0 2 1 0 1 64
1 "/home/vnmr1/vnmrsys/Automation/auto_20140728_01/enterQ.macdir/loc77_002/current"
0 
explist 2 2 8 0 0 2 1 256 1 64
1 "PIP_HSQMBC_001"
0 
fdfdir 2 2 8 0 0 3 1 0 1 64
1 ""
0 
fadflg 4 2 4 0 0 2 1 0 1 64
1 "y"
0 
f2SW 2 2 8 0 0 2 1 1 1 64
1 ""
0 
f1coef 2 2 8 0 0 3 1 1 1 64
1 "1 0 1 0 0 1 0 -1"
0 
faculty 2 2 8 0 0 2 1 0 1 64
1 ""
0 
fb 7 1 6 6 6 2 1 8203 1 64
1 4000 
0 
file 2 2 6 0 0 2 1 3 1 64
1 "/home/vnmr1/vnmrsys/Automation/auto_20140728_01/enterQ.macdir/loc77_002/current"
0 
fdffile 2 2 8 0 0 3 1 0 1 64
1 ""
0 
fidid 2 2 8 0 0 2 1 0 1 64
1 ""
0 
filter 7 1 1000000000 0 1 2 1 2 1 64
1 54.0999984741 
0 
filename 2 2 8 0 0 2 1 1 1 64
1 ""
0 
fzoom 7 1 32767 0 0 4 1 0 1 64
1 0 
0 
fpmult 1 1 1000000000 0 0 3 1 0 0 64
1 1 
0 
fn1 7 1 524288 64 -2 3 1 1 1 64
1 2048 
0 
fn 7 1 524288 64 -2 3 1 1 1 64
1 2048 
0 
ftproc 1 1 9.99999984307e+17 -9.99999984307e+17 0 3 1 256 1 64
2 1 952 
0 
fpmult1 1 1 1000000000 0 0 3 2 0 0 64
1 0.5 
0 
fudge 6 1 13 13 13 2 1 8192 1 64
1 0 
0 
gf1 1 1 100000 0 0 3 1 1 1 64
1 0.002890762875 
0 
gf 1 1 100000 0 0 3 1 1 1 64
1 0.0693044352 
0 
gain 1 1 60 0 2 2 1 0 1 64
1 30 
0 
gfs1 1 1 1000 -1000 0.001 3 1 1 0 64
1 0 
0 
gfs 1 1 1000 -1000 0.001 3 1 1 0 64
1 0 
0 
gtw 3 1 14 14 14 2 1 8192 1 64
1 0.002 
0 
gt7 3 1 14 14 14 2 1 8192 1 64
1 0.001 
0 
gt0 3 1 14 14 14 2 1 8192 1 64
1 0.0016 
0 
gstab2 3 1 14 14 14 2 1 8192 1 64
1 0.0005 
0 
go_id 2 2 8 0 0 2 1 7 1 64
1 "exp1.vnmr1.stella_1406584683_984052"
0 
gstab 3 1 14 14 14 2 1 8192 1 64
1 0.0005 
0 
gswet 3 1 14 14 14 2 1 8192 1 64
1 0.002 
0 
gstabI 3 1 14 14 14 2 1 8192 1 64
1 0.0005 
0 
gt3 3 1 14 14 14 2 1 8192 1 64
1 0.002 
0 
gt2 3 1 14 14 14 2 1 8192 1 64
1 0.0015 
0 
gt1 3 1 14 14 14 2 1 8192 1 64
1 0.0015 
0 
gt5 3 1 14 14 14 2 1 8192 1 64
1 0.0014 
0 
gt4 3 1 14 14 14 2 1 8192 1 64
1 0.0012 
0 
gt6 3 1 14 14 14 2 1 8192 1 64
1 0.001 
0 
gtD 3 1 14 14 14 2 1 8192 1 64
1 0 
0 
gt9 3 1 14 14 14 2 1 8192 1 64
1 0.001 
0 
gt8 3 1 14 14 14 2 1 8192 1 64
1 0.001 
0 
gtI 3 1 14 14 14 2 1 8192 1 64
1 0.001 
0 
gtE 3 1 14 14 14 2 1 8192 1 64
1 0.002 
0 
gzlvl9 1 1 1000000 -1000000 1 2 1 0 1 64
1 963 
0 
gzlvl5 1 1 1000000 -1000000 1 2 1 0 1 64
1 1177 
0 
gzlvl1 1 1 1000000 -1000000 1 2 1 0 1 64
1 749 
0 
gzlvl0 1 1 1000000 -1000000 1 2 1 0 1 64
1 1070 
0 
gxppars 2 2 8 0 0 2 1 0 1 64
1 ""
0 
gzlvl3 1 1 1000000 -1000000 1 2 1 0 1 64
1 642 
0 
gzlvl2 1 1 1000000 -1000000 1 2 1 0 1 64
1 535 
0 
gzlvl4 1 1 1000000 -1000000 1 2 1 0 1 64
1 856 
0 
gzlvl7 1 1 1000000 -1000000 1 2 1 0 1 64
1 749 
0 
gzlvl6 1 1 1000000 -1000000 1 2 1 0 1 64
1 642 
0 
gzlvl8 1 1 1000000 -1000000 1 2 1 0 1 64
1 856 
0 
gzlvlzq2 1 1 1000000 -1000000 1 2 1 0 1 64
1 302 
0 
gzlvlw 1 1 9.99999984307e+17 -9.99999984307e+17 0 2 1 0 1 64
1 14354 
0 
gzlvlE 1 1 1000000 -1000000 1 2 1 0 1 64
1 856 
0 
gzlvlD 1 1 1000000 -1000000 1 2 1 0 1 64
1 0 
0 
gzlvlI 1 1 9.99999984307e+17 -9.99999984307e+17 0 2 1 0 1 64
1 800 
0 
gzlvlzq1 1 1 1000000 -1000000 1 2 1 0 1 64
1 251 
0 
hdfrqw 1 1 9.99999984307e+17 -9.99999984307e+17 0 2 1 256 0 64
1 10 
0 
hdfrqc 5 1 1000000000 -1000000000 0 2 1 256 0 64
1 0 
0 
gzlvlzq3 1 1 1000000 -1000000 1 2 1 0 1 64
1 402 
0 
hdmf 1 1 9.99999984307e+17 -9.99999984307e+17 0 2 1 0 1 64
1 600 
0 
impress 7 1 32767 0 0 2 1 0 1 64
1 0 
0 
il 2 2 1 0 0 2 1 0 1 64
1 "n"
2 "y" "n" 
ho 1 1 500 -500 0 4 1 1 1 64
1 -50.2678565979 
0 
hdres 1 1 9.99999984307e+17 -9.99999984307e+17 0 2 1 0 1 64
1 9 
0 
hdpwr 7 1 49 -16 1 2 1 2 1 64
1 1 
0 
hdpsmode 4 2 4 0 0 2 1 0 1 64
1 "n"
0 
hdpwrf 1 1 4095 0 0 2 1 0 1 64
1 4095 
0 
hdseq 2 2 8 0 0 2 1 0 1 64
1 ""
0 
hdwave 2 2 8 0 0 2 1 0 1 64
1 "SEDUCE1"
0 
hsgt 3 1 14 14 14 2 1 8192 1 64
1 0.002 
0 
hs 4 2 4 0 0 2 1 0 1 64
1 "nn"
2 "n" "y" 
homo 2 2 8 0 0 2 1 8 1 64
1 "n"
2 "n" "y" 
hsglvl 1 1 1000000 -1000000 1 2 1 0 1 64
1 1070 
0 
hzmm 1 1 1000000000 -1000000000 0 4 1 11 1 64
1 17.1193213361 
0 
hst 3 1 0.02 0 2.5e-08 2 1 2 1 64
1 0.00800000037998 
0 
ident 2 2 8 0 0 3 1 0 1 64
1 ""
0 
imppw3 6 1 100000 0 0.0125 2 1 0 1 64
1 10 
0 
impppm3 1 1 9.99999984307e+17 -9.99999984307e+17 0 2 1 256 1 64
2 0 100 
0 
impppm1 1 1 9.99999984307e+17 -9.99999984307e+17 0 2 1 256 1 64
2 0 100 
0 
imphase 7 1 32767 0 0 2 1 0 1 64
1 0 
0 
impppm2 1 1 9.99999984307e+17 -9.99999984307e+17 0 2 1 256 1 64
2 0 100 
0 
imppw1 6 1 100000 0 0.0125 2 1 0 1 64
1 10 
0 
impppm4 1 1 9.99999984307e+17 -9.99999984307e+17 0 2 1 256 1 64
2 0 100 
0 
imppw2 6 1 100000 0 0.0125 2 1 0 1 64
1 10 
0 
imppwr3 1 1 9 9 9 2 1 8192 1 64
1 10 
0 
imppwr1 1 1 9 9 9 2 1 8192 1 64
1 10 
0 
imppw4 6 1 100000 0 0.0125 2 1 0 1 64
1 10 
0 
imppwr2 1 1 9 9 9 2 1 8192 1 64
1 10 
0 
imppwr4 1 1 9 9 9 2 1 8192 1 64
1 10 
0 
ipap 7 1 32767 0 0 2 1 0 1 64
1 0 
0 
ins2ref 1 1 9.99999984307e+17 -9.99999984307e+17 0 4 1 0 1 64
1 1 
0 
impshp4 2 2 8 0 0 2 1 0 1 64
1 "hard"
0 
impshp2 2 2 8 0 0 2 1 0 1 64
1 "hard"
0 
impshp1 2 2 8 0 0 2 1 0 1 64
1 "hard"
0 
impshp3 2 2 8 0 0 2 1 0 1 64
1 "hard"
0 
ins 3 1 8190 0 1e-07 4 1 3 1 64
1 100 
0 
in 4 2 1 0 0 2 1 0 1 64
1 "n"
3 "n" "w" "y" 
ins2 1 1 9.99999984307e+17 -9.99999984307e+17 0 4 1 0 1 64
1 1 
0 
intstd 2 2 8 0 0 2 1 0 1 64
1 ""
0 
insref 1 1 9.99999984307e+17 -9.99999984307e+17 0 4 1 0 0 64
1 1 
0 
intmod 2 2 8 0 0 4 1 0 1 64
1 "off"
3 "off" "partial" "full" 
invgcal 1 1 1000000 -1000000 1 2 1 0 1 64
1 107 
0 
investigator 2 2 8 0 0 4 1 0 1 64
1 ""
0 
io 1 1 500 -500 0.1 4 1 1 1 64
1 10 
0 
jfilter 4 2 4 0 0 2 1 0 1 64
1 "y"
0 
j1min 1 1 9.99999984307e+17 -9.99999984307e+17 0 2 1 0 1 64
1 130 
0 
iswt 1 1 9.99999984307e+17 -9.99999984307e+17 0 2 1 0 1 64
1 0 
0 
is 1 1 1000000000 1e-06 0 4 1 3 1 64
1 888.307055086 
0 
j1max 1 1 9.99999984307e+17 -9.99999984307e+17 0 2 1 0 1 64
1 165 
0 
jemult 7 1 32767 0 0 2 1 0 1 64
1 1 
0 
j1xh 1 1 9.99999984307e+17 -9.99999984307e+17 0 2 1 0 1 64
1 146 
0 
jscaleD 7 1 32767 0 0 2 1 0 1 64
1 0 
0 
jnmin 1 1 9.99999984307e+17 -9.99999984307e+17 0 2 1 0 1 64
1 5 
0 
jnmax 1 1 9.99999984307e+17 -9.99999984307e+17 0 2 1 0 1 64
1 8 
0 
jnxh 1 1 9.99999984307e+17 -9.99999984307e+17 0 2 1 0 1 64
1 8 
0 
layout 2 2 8 0 0 4 1 0 1 64
1 "PIP_HSQMBC"
0 
jscaleU 7 1 32767 0 0 2 1 0 1 64
1 0 
0 
oscoef 7 1 49999 3 2 2 1 1 0 64
1 31 
0 
lpprint 7 1 63 0 1 3 1 0 1 64
1 0 
0 
longlist 2 2 8 0 0 2 1 0 1 64
1 ""
0 
load 2 2 4 0 0 2 1 3 1 64
1 "n"
2 "y" "n" 
lifrq 1 1 1000000000 -1000000000 0 4 1 0 1 64
43 3132.34663436 3067.78233771 2555.1809522 2468.11697642 2360.9989388 2259.26125923 1972.14578853 1874.8102201 1874.32109664 1838.6150841 1838.12596064 1795.57221967 1795.08309621 1749.10549102 1749.10549102 1700.68226853 1700.19314507 1628.78111999 1536.82590961 1449.27281037 1448.78368691 1375.41516799 1350.95899502 1271.72099459 1197.86335221 1124.00570983 1123.51658637 1091.23443805 1090.74531459 921.019474157 920.530350698 851.074819455 851.074819455 794.825621617 765.47821405 695.533559347 625.099781186 541.459669619 540.970546159 472.982385295 472.493261835 417.711434376 0 
0 
lcpeak_ 7 1 32767 0 0 2 1 32768 1 64
1 0 
0 
lb1 1 1 100000 -100000 0 3 1 1 0 64
1 0.318309992552 
0 
liamp 1 1 1000000000 0 0 4 1 0 0 64
43 0.0837419991694 0.0495990142226 0.0164165049791 1.20805475116 0.0704993009567 2.4933526516 0.137089252472 2.51754379272 0.000855922698975 1.21391630173 0.00141286849976 1.31839227676 0.00101852416992 0.159511566162 0 0.142728805542 0.000518798828125 1.17371940613 0.0958051681519 1.00866508484 0.00240707397461 1.34791564941 0.03258228302 1.25267791748 0.0659008026123 1.25362110138 0.00092601776123 0.1121301651 0.00169277191162 12.9684886932 0.00198554992676 3.942029953 0 0.129119873047 0.039722442627 0.279804229736 0.134624481201 7.61532211304 0.000984191894531 3.68389892578 0.000617980957031 0.0466384887695 0.0640106201172 
0 
llfrq 1 1 1000000000 -1000000000 0 4 1 0 0 64
8 1047.08549304 1005.02601037 891.07415615 580.518673628 577.095227364 574.160844852 570.737398588 514.006003355 
0 
llamp 1 1 1000000000 0 0 4 1 0 0 64
8 0.83793848753 0.786331474781 0.449272841215 0.38128516078 0.391644448042 0.386136591434 0.36066108942 0.65203076601 
0 
lllabel 2 2 8 0 0 3 1 0 1 64
1 ""
0 
lockgain_ 1 1 48 0 1 2 1 65552 1 64
1 38 
0 
locdir 2 2 8 0 0 2 1 0 1 64
1 ""
0 
loc_ 7 1 12 12 12 2 1 8201 1 64
1 77 
0 
lockfreq_ 5 1 160 0 1e-07 2 1 9 1 64
1 61.3914 
0 
lockpower_ 1 1 68 0 1 2 1 65552 1 64
1 34 
0 
lockphase_ 1 1 360 0 1 2 1 65552 1 64
1 118 
0 
lpext 7 1 1000000 0 1 3 1 0 1 64
1 1 
0 
lpalg 2 2 8 0 0 3 1 0 1 64
1 "lpfft"
0 
lp 1 1 3600 -3600 0.1 4 1 3 1 64
1 0 
0 
lot 2 2 8 0 0 2 1 0 1 64
1 ""
0 
lp1 1 1 3600 -3600 0.1 4 1 3 1 64
1 0 
0 
lpalg1 2 2 8 0 0 3 1 0 1 64
1 "lpfft"
0 
lpnupts 7 1 1000000 1 1 3 1 0 1 64
1 64 
0 
lpfilt 7 1 32767 1 1 3 1 0 1 64
1 32 
0 
lpext1 7 1 1000000 0 1 3 1 0 1 64
1 76 
0 
lpfilt1 7 1 32767 1 1 3 1 0 1 64
1 4 
0 
lpopt 2 2 8 0 0 3 1 0 1 64
1 "b"
0 
lpnupts1 7 1 1000000 1 1 3 1 0 1 64
1 76 
0 
lpopt1 2 2 8 0 0 3 1 0 1 64
1 "f"
0 
mult 1 1 9.99999984307e+17 -9.99999984307e+17 0 2 1 0 1 64
1 2 
0 
lsfrq1 1 1 9.99999984307e+17 -9.99999984307e+17 0 3 1 0 0 64
1 0 
0 
lsfid 7 1 64000 -64000 1 3 1 0 0 64
1 0 
0 
lptrace 7 1 32767 0 1 3 1 0 1 64
1 0 
0 
lpprint1 7 1 63 0 1 3 1 0 1 64
1 0 
0 
lptrace1 7 1 32767 0 1 3 1 0 1 64
1 0 
0 
lsfrq 1 1 9.99999984307e+17 -9.99999984307e+17 0 3 1 0 0 64
1 0 
0 
method 2 2 6 0 0 2 1 3 1 64
1 "z1z2"
0 
macro 2 2 6 0 0 4 1 3 1 64
1 ""
0 
lvl 1 1 1000000000 -1000000000 0 4 1 1 1 64
1 0 
0 
math 2 2 1 0 0 3 1 3 1 64
1 "f"
3 "d" "f" "i" 
mfslp 4 2 4 0 0 2 1 0 1 64
1 "n"
0 
modules 2 2 8 0 0 2 1 1 1 64
1 "presat wet gradient quant par2D Och_adiabatic impress bip Dch_adiabatic zqfilter"
0 
notebook 2 2 8 0 0 2 1 0 1 64
1 ""
0 
name 2 2 8 0 0 3 1 0 1 64
1 ""
0 
n2 2 2 6 0 0 4 1 3 1 64
1 "n"
0 
n1 2 2 6 0 0 4 1 3 1 64
1 ""
0 
n3 2 2 6 0 0 4 1 3 1 64
1 "n"
0 
newmodules 2 2 8 0 0 2 1 1 1 64
1 ""
0 
nameprefix 2 2 8 0 0 2 1 9 1 64
1 "Sad_PIP"
0 
ni 7 1 32767 0 0 2 1 0 1 64
1 128 
0 
nullflg 4 2 4 0 0 2 1 0 1 64
1 "y"
0 
nt 7 1 1000000000 1 1 2 1 2 1 64
1 8 
0 
np 7 1 524288 32 2 2 1 11 1 64
1 1202 
0 
null 3 1 14 14 14 2 1 8192 1 64
1 0 
0 
obsSW 2 2 8 0 0 2 1 1 1 64
1 "setsw(9.5,-0.5)"
0 
numvch 7 1 32767 0 0 2 1 256 1 64
4 4 2 1 0 
0 
operator_ 2 2 128 0 0 2 1 32772 1 64
1 "vnmr1"
0 
phase 7 1 8 0 1 2 1 0 1 64
2 1 2 
0 
pad 3 1 14 14 14 2 1 8194 1 64
1 0.5 
0 
oversamp 7 1 68 0 1 2 1 9 1 64
1 1 
0 
osfilt 2 2 8 0 0 2 1 0 1 64
1 ""
5 "a" "A" "b" "B" "" 
osfb 1 1 100000 0 0 2 1 1 0 64
1 0 
0 
oslsfrq 1 1 9.99999984307e+17 -9.99999984307e+17 0 2 1 1 0 64
1 0 
0 
p11console 2 2 8 0 0 2 1 0 1 64
1 ""
0 
p1 6 1 13 13 13 2 1 8194 1 64
1 0 
0 
parstyle_ 2 2 8 0 0 4 1 0 1 64
1 ""
0 
paramChanged 1 1 9.99999984307e+17 -9.99999984307e+17 0 2 1 0 1 64
1 0 
0 
page 2 2 8 0 0 2 1 0 1 64
1 ""
0 
parlabel 2 2 8 0 0 2 1 5 1 64
1 "PIP_HSQMBC"
0 
parversion 1 1 9.99999984307e+17 -9.99999984307e+17 0 2 1 4 1 64
1 5.1 
0 
parver 2 2 8 0 0 2 1 0 1 64
1 "VnmrJ VERSION 4.2 REVISION A"
0 
pipeQ3 2 2 8 0 0 3 1 0 1 64
2 "0"
"0"
0 
pipeGLB 2 2 8 0 0 3 1 0 1 64
2 "4"
"4"
0 
phfid1 1 1 3600 -3600 0.1 3 1 0 0 64
1 0 
0 
phfid 1 1 3600 -3600 0.1 3 1 0 0 64
1 0 
0 
pipeELB 2 2 8 0 0 3 1 0 1 64
2 "0"
"0"
0 
pipeQ1 2 2 8 0 0 3 1 0 1 64
2 "0"
"0"
0 
pipeGOFF 2 2 8 0 0 3 1 0 1 64
2 "0"
"0"
0 
pipeQ2 2 2 8 0 0 3 1 0 1 64
2 "0"
"0"
0 
pipeistTMult 2 2 8 0 0 3 1 0 1 64
1 "0.7"
0 
pipeistIter 2 2 8 0 0 3 1 0 1 64
1 "1024"
0 
pipeistCMult 2 2 8 0 0 3 1 0 1 64
1 "0.3"
0 
pipeistMaxRes 2 2 8 0 0 3 1 0 1 64
1 "1"
0 
plocklist 2 2 8 0 0 2 1 1 1 64
1 ""
0 
pkpick_ 2 2 8 0 0 4 1 0 1 64
1 ""
0 
plotoption 2 2 8 0 0 4 1 0 1 64
7 "custompl"
"plot2D(`plt2Darg`)"
"comments"
"params"
"logo"
"header"
"miniplot"
0 
strtlp1 7 1 1000000 1 1 3 1 0 1 64
1 76 
0 
rfl1 1 1 1000000000 -1000000000 0 4 1 1 1 64
1 1004.67708752 
0 
pw180adR 2 2 8 0 0 2 1 0 1 64
1 "hard"
0 
proc 2 2 10 0 0 3 1 1 1 64
1 "ft"
0 
presatgh2 1 1 9.99999984307e+17 -9.99999984307e+17 0 2 1 0 1 64
1 10 
0 
position2 2 2 8 0 0 3 1 0 1 64
1 ""
0 
pmode 2 2 8 0 0 3 1 0 1 64
1 "full"
0 
pltopt 4 2 4 0 0 2 1 0 1 64
1 "n"
0 
pltmod 2 2 8 0 0 4 1 0 1 64
1 "fixed"
5 "off" "fixed" "full" "variable" "user" 
position1 2 2 8 0 0 3 1 0 1 64
1 ""
0 
prcopt 4 2 4 0 0 2 1 0 1 64
1 "y"
0 
pplvl 1 1 63 -16 1 2 1 0 1 64
1 55 
0 
pp 6 1 13 13 13 2 1 8192 1 64
1 15 
0 
pplvl_cf 1 1 9.99999984307e+17 -9.99999984307e+17 0 2 1 0 1 64
1 1 
0 
preacq 6 1 13 13 13 2 1 8192 0 64
1 0 
0 
prgflg 4 2 4 0 0 2 1 8 1 64
1 "n"
0 
prgcycle 7 1 32767 0 0 2 1 8 1 64
1 2 
0 
presatinit 4 2 4 0 0 2 1 0 1 64
1 "n"
0 
prescan 2 2 8 0 0 3 1 256 1 64
11 "Not done"
"Not done"
"off"
"off"
"off"
"off"
"off"
"on"
"on"
""
""
0 
prgd1 3 1 14 14 14 2 1 8192 1 64
1 0.0002 
0 
prgd2 3 1 14 14 14 2 1 8192 1 64
1 0.0002 
0 
prgpw 6 1 13 13 13 2 1 8192 1 64
1 8.8 
0 
prggt 3 1 14 14 14 2 1 8192 1 64
1 0.001 
0 
prggstab 3 1 14 14 14 2 1 8192 1 64
1 0.0005 
0 
prggzlvl 1 1 1000000 -1000000 1 2 1 0 1 64
1 1944 
0 
probe_ 2 2 8 0 0 2 1 8 1 64
1 "OneNMR"
0 
priority 7 1 32768 0 1 2 1 0 1 64
1 5 
0 
probetype_ 2 2 8 0 0 2 1 0 1 64
1 "liquids"
0 
psppm 2 2 8 0 0 2 1 1 1 64
1 ""
0 
processid 1 1 9.99999984307e+17 -9.99999984307e+17 0 3 1 0 1 64
1 0 
0 
proccmd 2 2 8 0 0 3 1 7 1 64
1 "wft2d('noop','noop','noop','noop','noop','noop','1','0','1','0','0','1','0','-1')"
0 
proc1 2 2 10 0 0 3 2 1 1 64
1 "lp"
0 
procdim 7 1 32767 0 0 3 1 0 1 64
1 2 
0 
psatsolv 2 2 8 0 0 2 1 0 1 64
1 "D2O"
0 
protocols 2 2 8 0 0 3 1 0 1 64
1 ""
0 
pslabel 2 2 8 0 0 2 1 11 1 64
1 "PIP_HSQMBC"
0 
pw180 6 1 1000000 0 0.025 2 1 0 1 64
1 434.7 
0 
pw 6 1 13 13 13 2 1 8194 1 64
1 8.8 
0 
pstof 5 1 1000000000 -1000000000 0 2 1 264 1 64
1 0 
0 
pw180ad 2 2 8 0 0 2 1 0 1 64
1 "OneNMR_ad100"
0 
pwxlvl_cf 1 1 9.99999984307e+17 -9.99999984307e+17 0 2 1 0 1 64
1 0.9378 
0 
pwx2 6 1 13 13 13 2 1 8192 1 64
1 15 
0 
pwwet3 6 1 1000000 0 0.025 2 1 0 1 64
1 0 
0 
pw90 6 1 13 13 13 2 1 8194 1 64
1 8.8 
0 
pw180r 6 1 1000000 0 0.025 2 1 0 1 64
1 30.2 
0 
pw180ref 2 2 8 0 0 2 1 0 1 64
1 "hard"
0 
pwwet1 6 1 1000000 0 0.025 2 1 0 1 64
1 0 
0 
pwwet 6 1 1000000 0 0.025 2 1 0 1 64
1 0 
0 
pwwet2 6 1 1000000 0 0.025 2 1 0 1 64
1 0 
0 
pwx180ad 2 2 8 0 0 2 1 0 1 64
1 "OneNMR_ad300"
0 
pwx 6 1 13 13 13 2 1 8192 1 64
1 7.8 
0 
pwwet4 6 1 1000000 0 0.025 2 1 0 1 64
1 0 
0 
pwx180 6 1 1000000 0 0.025 2 1 0 1 64
1 570.6 
0 
pwx180r 6 1 1000000 0 0.025 2 1 0 1 64
1 1999.2 
0 
pwx180adR 2 2 8 0 0 2 1 0 1 64
1 "OneNMR_ad300R"
0 
pwx180ref 2 2 8 0 0 2 1 0 1 64
1 "OneNMR_ref200"
0 
pwxlvl 1 1 9 9 9 2 1 8192 1 64
1 57 
0 
pwx2lvl_cf 1 1 9.99999984307e+17 -9.99999984307e+17 0 2 1 0 1 64
1 1 
0 
pwx2lvl 1 1 63 -16 1 2 1 0 1 64
1 55 
0 
pwxS6 6 1 13 13 13 2 1 8192 1 64
1 25 
0 
pwxlvl180r 1 1 9 9 9 2 1 8192 1 64
1 40 
0 
pwxlvl180 1 1 9 9 9 2 1 8192 1 64
1 47 
0 
pwxlvlS6 1 1 9 9 9 2 1 8192 1 64
1 60 
0 
ref_pwr 1 1 9.99999984307e+17 -9.99999984307e+17 0 2 1 0 1 64
1 60 
0 
r7 1 1 1e+18 -1e+18 0 4 1 1 1 64
1 0 
0 
r4 1 1 1e+18 -1e+18 0 4 1 1 1 64
1 0 
0 
r2 1 1 1e+18 -1e+18 0 4 1 1 1 64
1 0 
0 
r1 1 1 1e+18 -1e+18 0 4 1 1 1 64
1 0 
0 
r3 1 1 1e+18 -1e+18 0 4 1 1 1 64
1 0 
0 
r6 1 1 1e+18 -1e+18 0 4 1 1 1 64
1 0 
0 
r5 1 1 1e+18 -1e+18 0 4 1 1 1 64
1 0 
0 
ref1 5 1 1000000000 -1000000000 0 3 1 0 1 64
1 0 
0 
ref 5 1 1000000000 -1000000000 0 3 4 0 1 64
1 0 
0 
ref_pw90 6 1 13 13 13 2 1 8192 1 64
1 5.475 
0 
refstd_ 2 2 8 0 0 2 1 65808 1 64
1 "N15:Bio"
0 
refpos1 5 1 1000000000 -1000000000 0 3 1 0 1 64
1 0 
0 
reffrq1 1 1 9.99999984307e+17 -9.99999984307e+17 0 4 1 0 1 64
1 100.561278312 
0 
reffrq 1 1 9.99999984307e+17 -9.99999984307e+17 0 4 1 0 1 64
1 399.925226992 
0 
refpos 1 1 9.99999984307e+17 -9.99999984307e+17 0 4 1 0 1 64
1 0 
0 
refsource1 2 2 8 0 0 4 1 0 1 64
1 "dfrq"
0 
rfchnuclei 2 2 8 0 0 2 1 256 1 64
1 ""
0 
retentiontime_ 2 2 8 0 0 2 1 0 1 64
1 ""
0 
researchgroup 2 2 8 0 0 2 1 0 1 64
1 ""
0 
rfband 4 2 4 0 0 2 1 0 1 64
1 "cc"
3 "c" "h" "l" 
rfl 1 1 1000000000 -1000000000 0 4 1 1 1 64
1 203.496715273 
0 
segstab 3 1 14 14 14 2 1 8192 1 64
1 0.0005 
0 
satfrq 5 1 1000000000 -1000000000 0 2 1 0 1 64
1 480.588092473 
0 
sample 2 2 8 0 0 2 1 1 1 64
1 "Sad_PIP_20140728_01"
0 
rof2 6 1 13 13 13 2 1 8194 1 64
1 24 
0 
rfp1 1 1 1000000000 -1000000000 0 4 1 1 1 64
1 0 
0 
rfp 1 1 1000000000 -1000000000 0 4 1 1 1 64
1 0 
0 
rof1 6 1 13 13 13 2 1 8194 1 64
1 10 
0 
rp1 1 1 3600 -3600 0.1 4 1 3 1 64
1 0 
0 
rp 1 1 3600 -3600 0.1 4 1 3 1 64
1 201.2 
0 
sa 7 1 10000000 0 0 3 1 1 0 64
1 1024 
0 
sampling 2 2 8 0 0 2 1 0 1 64
1 "s"
0 
sampleowner 2 2 8 0 0 2 1 0 1 64
1 ""
0 
samplename 2 2 8 0 0 2 1 9 1 64
1 "Sad_PIP"
0 
sas 7 1 10000000 0 0 3 1 1 0 64
1 0 
0 
sampwt 1 1 9.99999984307e+17 -9.99999984307e+17 0 2 1 0 1 64
1 0 
0 
satdly 3 1 14 14 14 2 1 8192 1 64
1 1 
0 
sbbiflg 4 2 4 0 0 2 1 0 1 64
1 "n"
0 
saveshapes 2 2 8 0 0 2 1 256 1 64
1 ""
0 
satpwr 1 1 30 -16 1 2 1 0 1 64
1 0 
0 
satmode 4 2 4 0 0 2 1 0 1 64
1 "n"
0 
saveglobal_ 2 2 8 0 0 3 1 0 1 64
20 "probe"
"lcpeak"
"loc"
"lockpower"
"lockgain"
"lockphase"
"lockfreq"
"z0"
"lkof"
"vloc"
"vrack"
"vzone"
"vproto"
"pkpick"
"parstyle"
"operator"
"studyid"
"systemname"
"probetype"
"refstd"
0 
sb1 1 1 1000 -1000 0.001 3 1 1 0 64
1 0 
0 
sb 1 1 1000 -1000 0.001 3 1 0 0 64
1 0 
0 
sc2 1 1 3 3 3 4 1 8195 1 64
1 6.96866485014 
0 
sbs1 1 1 1000 -1000 0.001 3 1 1 0 64
1 0 
0 
sbs 1 1 1000 -1000 0.001 3 1 1 0 64
1 0 
0 
sc 1 1 1 1 1 4 1 8195 1 64
1 0 
0 
scoutinfo 2 2 8 0 0 2 1 256 1 64
1 ""
0 
scans 2 2 8 0 0 3 1 0 1 64
1 ""
0 
sdirtmplt 2 2 8 0 0 2 1 0 1 64
1 "$samplename$_%DATE%_"
0 
slpsat 4 2 4 0 0 2 1 0 1 64
1 "n"
0 
shims 2 2 8 0 0 2 1 0 1 64
1 ""
0 
sf1 1 1 9.99999984307e+17 -9.99999984307e+17 0 4 1 0 1 64
1 0 
0 
seqfil 2 2 8 0 0 2 1 11 1 64
1 "PIP_HSQMBC"
0 
segt5 3 1 14 14 14 2 1 8192 1 64
1 0.0005 
0 
sf 1 1 8190 0 1e-07 4 1 3 1 64
1 0 
0 
shaped 2 2 8 0 0 2 1 0 1 64
1 "y"
0 
sfrq 1 1 1000000000 0 0 2 1 11 1 64
1 399.9270267 
0 
shownumstyle 2 2 8 0 0 4 1 0 1 64
1 "auto"
0 
showcontent 2 2 8 0 0 4 1 0 1 64
1 "s"
0 
showarray 2 2 8 0 0 4 1 0 1 64
1 "horiz"
0 
shownumbers 2 2 8 0 0 4 1 0 1 64
1 "v"
0 
shownumy 1 1 9.99999984307e+17 -9.99999984307e+17 0 4 1 0 1 64
1 0 
0 
shownumx 1 1 9.99999984307e+17 -9.99999984307e+17 0 4 1 0 1 64
1 0 
0 
slpname 2 2 8 0 0 2 1 256 1 64
1 ""
0 
ss 7 1 32767 -32768 0 2 1 0 1 64
1 32 
0 
sp1 1 1 1000000000 -1000000000 0 4 1 3 1 64
1 -981.109968365 
0 
solvent 2 2 6 0 0 2 1 11 1 64
1 "cdcl3"
0 
sn 1 1 1e+18 -1e+18 0 3 1 1 1 64
1 0 
0 
sp 1 1 1000000000 -1000000000 0 4 1 3 1 64
1 -199.584205257 
0 
srate 7 1 32767 0 1 2 1 1 1 64
1 25 
0 
spin 1 1 39 0 1 2 1 0 0 64
1 0 
0 
sreffrq 1 1 9.99999984307e+17 -9.99999984307e+17 0 2 1 0 1 64
1 399.925226992 
0 
strtext1 7 1 1000000 1 1 3 1 0 1 64
1 77 
0 
strtext 7 1 1000000 1 1 3 1 0 1 64
1 1 
0 
sspul 4 2 4 0 0 2 1 0 1 64
1 "y"
0 
strtlp 7 1 1000000 1 1 3 1 0 1 64
1 2 
0 
wetshape 2 2 8 0 0 2 1 0 1 64
1 "wetshp"
0 
vo 1 1 500 -500 0 4 1 1 1 64
1 0 
0 
time_submitted_local 2 2 8 0 0 2 1 0 1 64
1 "20140728T155803X03PMMonJul"
0 
tauz3 3 1 14 14 14 2 1 8192 1 64
1 0.0074925 
0 
svftmplt 2 2 8 0 0 2 1 0 1 64
1 "$samplename$_$pslabel$_"
0 
studyowner 2 2 8 0 0 2 1 0 1 64
1 "vnmr1"
0 
study 2 2 8 0 0 3 1 0 1 64
1 ""
0 
strtpar 2 2 8 0 0 2 1 0 1 64
1 "Sad_PIP_PROTON_01"
0 
studyid_ 2 2 8 0 0 2 1 0 1 64
1 "tmpstudy"
0 
studystatus 2 2 8 0 0 2 1 0 1 64
1 "Active"
0 
svfopt 4 2 4 0 0 2 1 0 1 64
1 "y"
0 
systemname_ 2 2 8 0 0 2 1 0 1 64
1 "stella-vnmrs400"
0 
sw1 1 1 5000000 1 -1.25e-08 2 1 0 1 64
1 24132.7300151 
0 
sw 1 1 5 5 5 2 1 8203 1 64
1 4006.41025641 
0 
tauz1 3 1 14 14 14 2 1 8192 1 64
1 0 
0 
tauC 3 1 8190 -8190 1.25e-08 2 1 0 1 64
1 0 
0 
tauz2 3 1 14 14 14 2 1 8192 1 64
1 0.0010125 
0 
time_plotted 2 2 8 0 0 3 1 0 1 64
1 ""
0 
th 1 1 1000000000 0 0 4 1 1 1 64
1 6 
0 
temp 1 1 200 -150 0.1 2 1 8 1 64
1 27 
0 
tauz4 3 1 14 14 14 2 1 8192 1 64
1 0.008505 
0 
text_string 2 2 8 0 0 4 1 256 1 64
1 ""
0 
time_complete 2 2 8 0 0 4 1 0 1 64
1 "20140728T155803"
0 
th2d 1 1 1 1e-18 0 4 1 17 1 64
1 0.8 
0 
time_exp 2 2 8 0 0 2 1 0 1 64
1 ""
0 
time_saved 2 2 8 0 0 4 1 0 1 64
1 "20140728T163056"
0 
time_run 2 2 8 0 0 2 1 0 1 64
1 "20140728T155803"
0 
time_processed 2 2 8 0 0 3 1 0 1 64
1 "20140728T162650"
0 
time_submitted 2 2 8 0 0 2 1 0 1 64
1 "20140728T155803"
0 
trace 2 2 2 0 0 4 1 3 1 64
1 "f2"
2 "f1" "f2" 
tnref 2 2 8 0 0 4 1 1 1 64
1 "Me4Si, 1% in CDCl3"
0 
tn 2 2 4 0 0 2 1 8 1 64
1 "H1"
0 
tin 2 2 1 0 0 2 1 2 1 64
1 "n"
3 "n" "w" "y" 
time_svfdate 2 2 8 0 0 2 1 0 1 64
1 "20140728T155803"
0 
tlt 1 1 1000000000 -1000000000 0 4 1 1 1 64
1 0 
0 
tnbippwr 1 1 17 17 17 2 1 8192 1 64
1 63 
0 
tnbippw 6 1 1000000 0 0.025 2 1 0 1 64
1 60 
0 
tnbipshp 2 2 8 0 0 2 1 0 1 64
1 "bip60us"
0 
tpwr 1 1 17 17 17 2 1 8194 1 64
1 63 
0 
tof 5 1 7 7 7 2 1 8202 1 64
1 -199.9 
0 
tnshapes 2 2 8 0 0 2 1 256 1 64
3 ""
""
""
0 
tofh2o 5 1 1000000000 -1000000000 0 2 1 0 1 64
1 0 
0 
tpwr180r 1 1 9 9 9 2 1 8192 1 64
1 61 
0 
tpwr180 1 1 17 17 17 2 1 8192 1 64
1 57 
0 
tpwr_cf 1 1 9.99999984307e+17 -9.99999984307e+17 0 2 1 0 1 64
1 1.0571 
0 
vch4 2 2 8 0 0 2 1 8 1 64
1 "dn"
0 
userplotter 2 2 8 0 0 4 1 0 1 64
1 ""
0 
tunemethod 2 2 8 0 0 2 1 0 1 64
1 "lohi-fine"
0 
trim 6 1 13 13 13 2 1 8192 1 64
1 0 
0 
username 2 2 8 0 0 2 1 0 1 64
1 ""
0 
vch2 2 2 8 0 0 2 1 8 1 64
1 "dn"
0 
vch1 2 2 8 0 0 2 1 8 1 64
1 "tn"
0 
vch3 2 2 8 0 0 2 1 8 1 64
1 "z"
0 
vf 1 1 1000000000 0 0 4 1 3 1 64
1 174.310211182 
0 
vch6 2 2 8 0 0 2 1 8 1 64
1 ""
0 
vch5 2 2 8 0 0 2 1 8 1 64
1 ""
0 
vchannelmap 2 2 8 0 0 2 1 256 1 64
4 "0"
"1"
"z"
"1"
0 
vjdialogarg 2 2 8 0 0 4 1 256 1 64
1 ""
0 
vjdialog 2 2 8 0 0 4 1 256 1 64
1 ""
0 
vloc_ 2 2 8 0 0 2 1 8 1 64
1 "T2 E5"
0 
wdone 2 2 8 0 0 3 1 0 1 64
1 ""
0 
vs2d 1 1 1000000000 1e-06 0 4 1 3 1 64
1 150044.825214 
0 
vpfi 1 1 500 -500 0 4 1 0 1 64
1 0 
0 
vp 7 1 500 -500 0.1 4 1 3 1 64
1 55.3269781007 
0 
volume 1 1 9.99999984307e+17 -9.99999984307e+17 0 2 1 0 1 64
1 0 
0 
vpf 1 1 500 -500 0 4 1 0 1 64
1 0 
0 
vrack_ 7 1 5 1 0 2 1 0 1 64
1 1 
0 
vproto_ 2 2 8 0 0 2 1 0 1 64
1 ""
0 
vs 1 1 1000000000 1e-06 0 4 1 3 1 64
1 16994.1341578 
0 
vzone_ 7 1 15 1 0 2 1 0 1 64
1 1 
0 
vtc 1 1 255 0 1 2 1 2 1 64
1 25 
0 
vsproj 1 1 1000000000 1e-06 0 4 1 3 1 64
1 4.45071601868 
0 
vtwait 3 1 14 14 14 2 1 8194 1 64
1 300 
0 
wc 1 1 2 2 2 4 1 8203 1 64
1 239.095315024 
0 
wbs 2 2 6 0 0 3 1 3 1 64
1 ""
0 
wc2 1 1 4 4 4 4 1 8195 1 64
1 141.0626703 
0 
wetfrqw 1 1 9.99999984307e+17 -9.99999984307e+17 0 2 1 256 1 64
1 80 
0 
wet_cf 1 1 9.99999984307e+17 -9.99999984307e+17 0 2 1 0 1 64
1 1 
0 
werr 2 2 6 0 0 3 1 3 1 64
1 "cpreact"
0 
wds 2 2 8 0 0 3 1 0 1 64
1 ""
0 
wet 4 2 4 0 0 2 1 0 1 64
1 "n"
0 
wetfrq 5 1 1000000000 -1000000000 0 2 1 256 0 64
1 0 
0 
wetfly 4 2 4 0 0 2 1 0 1 64
1 "n"
0 
wetfrqs 2 2 8 0 0 2 1 256 1 64
1 "seduce"
0 
wetpwr2 1 1 9.99999984307e+17 -9.99999984307e+17 0 2 1 0 1 64
1 0 
0 
wetpwr 1 1 9.99999984307e+17 -9.99999984307e+17 0 2 1 0 1 64
1 0 
0 
wetpeaks 7 1 10 0 1 2 1 0 0 64
1 0 
0 
wetpwr1 1 1 9.99999984307e+17 -9.99999984307e+17 0 2 1 0 1 64
1 0 
0 
wetpwr4 1 1 9.99999984307e+17 -9.99999984307e+17 0 2 1 0 1 64
1 0 
0 
wetpwr3 1 1 9.99999984307e+17 -9.99999984307e+17 0 2 1 0 1 64
1 0 
0 
wetset 2 2 8 0 0 4 1 0 1 64
1 "set1"
0 
yz 7 1 19 19 19 2 1 8192 1 64
1 -7332 
0 
wshim 4 2 4 0 0 2 1 1 1 64
1 "n"
15 "e" "f" "g" "n" "s" "0" "1" "2" "3" "4" "5" "6" "7" "8" "9" 
whatemail 2 2 8 0 0 2 1 0 1 64
1 "message"
0 
wetshape4 2 2 8 0 0 2 1 0 1 64
1 "wetshp"
0 
wetshape2 2 2 8 0 0 2 1 0 1 64
1 "wetshp"
0 
wetshape1 2 2 8 0 0 2 1 0 1 64
1 "wetshp"
0 
wetshape3 2 2 8 0 0 2 1 0 1 64
1 "wetshp"
0 
wf 1 1 8190 0 1e-07 4 1 3 1 64
1 0.1500096 
0 
wexp 2 2 6 0 0 3 1 3 1 64
1 "chempackQ"
0 
wf1 1 1 9.99999984307e+17 -9.99999984307e+17 0 4 1 0 1 64
1 0.042432 
0 
wp1 1 1 100000 0 0 4 1 3 1 64
1 24109.1628959 
0 
wnt 2 2 6 0 0 3 1 3 1 64
1 ""
0 
whenemail 2 2 8 0 0 2 1 0 1 64
1 "never"
0 
wp 1 1 5000000 0 0 4 1 11 1 64
1 4002.49774639 
0 
wrtp 2 2 8 0 0 3 1 0 1 64
1 ""
0 
wqinit 2 2 8 0 0 4 1 0 1 64
1 ""
0 
x4 7 1 19 19 19 2 1 8192 1 64
1 0 
0 
wtune 4 2 4 0 0 2 1 0 1 64
1 "t12"
11 "s" "t" "e" "i" "n" "o" "v" "1" "2" "3" "4" 
wtfile 2 2 15 0 0 3 1 1 1 64
1 ""
0 
wstart 2 2 8 0 0 3 1 0 1 64
1 ""
0 
wtfile1 2 2 15 0 0 3 2 1 1 64
1 ""
0 
x2y2 7 1 19 19 19 2 1 8192 1 64
1 -1490 
0 
x1 7 1 19 19 19 2 1 8192 1 64
1 691 
0 
x3 7 1 19 19 19 2 1 8192 1 64
1 -4486 
0 
xz2 7 1 19 19 19 2 1 8192 1 64
1 1115 
0 
xy 7 1 19 19 19 2 1 8192 1 64
1 10 
0 
xdiag 1 1 1e+18 0 0 4 1 17 1 64
1 0 
0 
xz 7 1 19 19 19 2 1 8192 1 64
1 -6 
0 
y3 7 1 19 19 19 2 1 8192 1 64
1 -4593 
0 
y1 7 1 19 19 19 2 1 8192 1 64
1 4131 
0 
y4 7 1 19 19 19 2 1 8192 1 64
1 0 
0 
z4xy 7 1 19 19 19 2 1 8192 1 64
1 0 
0 
z3xy 7 1 19 19 19 2 1 8192 1 64
1 0 
0 
z2x3 7 1 19 19 19 2 1 8192 1 64
1 0 
0 
z1c 7 1 19 19 19 2 1 8192 1 64
1 -1044 
0 
z0_ 1 1 19 19 19 2 1 73744 1 64
1 -2376 
0 
yz2 7 1 19 19 19 2 1 8192 1 64
1 -3072 
0 
z1 7 1 19 19 19 2 1 8192 1 64
1 -21216 
0 
z2c 7 1 19 19 19 2 1 8192 1 64
1 196 
0 
z2 7 1 19 19 19 2 1 8192 1 64
1 870 
0 
z2x2y2 7 1 19 19 19 2 1 8192 1 64
1 -7274 
0 
z3c 7 1 19 19 19 2 1 8192 1 64
1 0 
0 
z2y3 7 1 19 19 19 2 1 8192 1 64
1 0 
0 
z2xy 7 1 19 19 19 2 1 8192 1 64
1 -21159 
0 
z3 7 1 19 19 19 2 1 8192 1 64
1 -10920 
0 
z3x2y2 7 1 19 19 19 2 1 8192 1 64
1 0 
0 
z3x 7 1 19 19 19 2 1 8192 1 64
1 14399 
0 
z3x3 7 1 19 19 19 2 1 8192 1 64
1 0 
0 
z4c 7 1 19 19 19 2 1 8192 1 64
1 0 
0 
z3y3 7 1 19 19 19 2 1 8192 1 64
1 0 
0 
z3y 7 1 19 19 19 2 1 8192 1 64
1 -8861 
0 
z4 7 1 19 19 19 2 1 8192 1 64
1 16425 
0 
z4x2y2 7 1 19 19 19 2 1 8192 1 64
1 0 
0 
z4x 7 1 19 19 19 2 1 8192 1 64
1 -21319 
0 
zqfpat3 2 2 8 0 0 2 1 0 1 64
1 "PIP_HSQMBC_zqf3"
0 
zoom 7 1 32767 0 0 4 1 0 1 64
1 0 
0 
z5y 7 1 19 19 19 2 1 8192 1 64
1 0 
0 
z5 7 1 19 19 19 2 1 8192 1 64
1 -11335 
0 
z4y 7 1 19 19 19 2 1 8192 1 64
1 13974 
0 
z5x 7 1 19 19 19 2 1 8192 1 64
1 0 
0 
z7 7 1 19 19 19 2 1 8192 1 64
1 1782 
0 
z6 7 1 19 19 19 2 1 8192 1 64
1 7466 
0 
z8 7 1 19 19 19 2 1 8192 1 64
1 0 
0 
zqfpat1 2 2 8 0 0 2 1 0 1 64
1 "PIP_HSQMBC_zqf1"
0 
zqfilt 4 2 4 0 0 2 1 0 1 64
1 "n"
0 
zqfpat2 2 2 8 0 0 2 1 0 1 64
1 "PIP_HSQMBC_zqf2"
0 
zqfpwr1 1 1 17 17 17 2 1 8192 1 64
1 35 
0 
zqfpw2 6 1 1000000 0 0.025 2 1 0 1 64
1 40000 
0 
zqfpw1 6 1 1000000 0 0.025 2 1 0 1 64
1 30000 
0 
zqfpw3 6 1 1000000 0 0.025 2 1 0 1 64
1 50000 
0 
zx2y2 7 1 19 19 19 2 1 8192 1 64
1 10606 
0 
zqfpwr3 1 1 17 17 17 2 1 8192 1 64
1 35 
0 
zqfpwr2 1 1 17 17 17 2 1 8192 1 64
1 35 
0 
zxy 7 1 19 19 19 2 1 8192 1 64
1 -1197 
0 
zx3 7 1 19 19 19 2 1 8192 1 64
1 -14560 
0 
zy3 7 1 19 19 19 2 1 8192 1 64
1 -6368 
0 
